PATH
  remote: .
  specs:
    fabrial (0.1.0)

GEM
  remote: https://rubygems.org/
  specs:
    ansi (1.5.0)
    appraisal (2.2.0)
      bundler
      rake
      thor (>= 0.14.0)
    ast (2.4.0)
    builder (3.2.3)
    jaro_winkler (1.5.3)
    minitest (5.12.2)
    minitest-focus (1.1.2)
      minitest (>= 4, < 6)
    minitest-reporters (1.3.8)
      ansi
      builder
      minitest (>= 5.0)
      ruby-progressbar
    parallel (1.17.0)
    parser (2.6.5.0)
      ast (~> 2.4.0)
    rainbow (3.0.0)
    rake (13.0.0)
    rubocop (0.75.0)
      jaro_winkler (~> 1.5.1)
      parallel (~> 1.10)
      parser (>= 2.6)
      rainbow (>= 2.2.2, < 4.0)
      ruby-progressbar (~> 1.7)
      unicode-display_width (>= 1.4.0, < 1.7)
    ruby-progressbar (1.10.1)
    thor (0.20.3)
    unicode-display_width (1.6.0)

PLATFORMS
  ruby

DEPENDENCIES
  appraisal (~> 2.2, >= 2.2.0)
  bundler (~> 1.0)
  fabrial!
  minitest (~> 5.12, >= 5.12.2)
  minitest-focus (~> 1.1, >= 1.1.2)
  minitest-reporters (~> 1.3, >= 1.3.8)
  rake (~> 13.0)
  rubocop (~> 0.75.0)

BUNDLED WITH
   1.17.3
